GEM
  remote: https://rubygems.org/
  specs:
    aws-sdk (2.10.128)
      aws-sdk-resources (= 2.10.128)
    aws-sdk-core (2.10.128)
      aws-sigv4 (~> 1.0)
      jmespath (~> 1.0)
    aws-sdk-resources (2.10.128)
      aws-sdk-core (= 2.10.128)
    aws-sigv4 (1.0.2)
    figaro (1.1.1)
      thor (~> 0.14)
    jmespath (1.3.1)
    mini_portile2 (2.3.0)
    multi_json (1.13.1)
    mustermann (1.0.3)
    nokogiri (1.8.2)
      mini_portile2 (~> 2.3.0)
    rack (2.0.7)
    rack-protection (2.0.2)
      rack
    sinatra (2.0.2)
      mustermann (~> 1.0)
      rack (~> 2.0)
      rack-protection (= 2.0.2)
      tilt (~> 2.0)
    streamio-ffmpeg (3.0.2)
      multi_json (~> 1.8)
    thor (0.20.0)
    tilt (2.0.10)

PLATFORMS
  ruby

DEPENDENCIES
  aws-sdk (~> 2)
  figaro
  nokogiri
  sinatra
  streamio-ffmpeg

BUNDLED WITH
   1.16.1
