GEM
  remote: https://rubygems.org/
  specs:
    awesome_print (1.8.0)
    aws-sdk (2.8.7)
      aws-sdk-resources (= 2.8.7)
    aws-sdk-core (2.8.7)
      aws-sigv4 (~> 1.0)
      jmespath (~> 1.0)
    aws-sdk-resources (2.8.7)
      aws-sdk-core (= 2.8.7)
    aws-sigv4 (1.0.0)
    figaro (1.1.1)
      thor (~> 0.14)
    jmespath (1.3.1)
    mini_portile (0.6.2)
    multi_json (1.13.1)
    nokogiri (1.6.6.2)
      mini_portile (~> 0.6.0)
    rack (1.6.5)
    rack-protection (1.5.3)
      rack
    sinatra (1.4.8)
      rack (~> 1.5)
      rack-protection (~> 1.4)
      tilt (>= 1.3, < 3)
    streamio-ffmpeg (3.0.2)
      multi_json (~> 1.8)
    thor (0.19.4)
    tilt (2.0.6)

PLATFORMS
  ruby

DEPENDENCIES
  awesome_print
  aws-sdk (~> 2)
  figaro
  nokogiri
  sinatra
  streamio-ffmpeg

BUNDLED WITH
   1.16.1
